GIT
  remote: git://github.com/openxml/openxml-drawingml.git
  revision: ed44ecc10fbdf829340530fb13482f223352dbde
  branch: master
  specs:
    openxml-drawingml (0.1.0)
      nokogiri
      openxml-package (>= 0.2.2)

GIT
  remote: git://github.com/openxml/openxml-package.git
  revision: 8502885d2872be100bd5fdba8789360a3cf48dcb
  branch: master
  specs:
    openxml-package (0.2.8)
      nokogiri
      ox
      rubyzip (~> 1.2.1)

PATH
  remote: .
  specs:
    openxml-pptx (0.1.0)
      openxml-drawingml (>= 0.1.0)
      openxml-package (>= 0.2.2)

GEM
  remote: https://rubygems.org/
  specs:
    coderay (1.1.1)
    diff-lcs (1.3)
    equivalent-xml (0.6.0)
      nokogiri (>= 1.4.3)
    ffi (1.9.18)
    formatador (0.2.5)
    guard (2.14.1)
      formatador (>= 0.2.4)
      listen (>= 2.7, < 4.0)
      lumberjack (~> 1.0)
      nenv (~> 0.1)
      notiffany (~> 0.0)
      pry (>= 0.9.12)
      shellany (~> 0.0)
      thor (>= 0.18.1)
    guard-compat (1.2.1)
    guard-rspec (4.7.3)
      guard (~> 2.1)
      guard-compat (~> 1.1)
      rspec (>= 2.99.0, < 4.0)
    listen (3.1.5)
      rb-fsevent (~> 0.9, >= 0.9.4)
      rb-inotify (~> 0.9, >= 0.9.7)
      ruby_dep (~> 1.2)
    lumberjack (1.0.11)
    method_source (0.8.2)
    mini_portile2 (2.1.0)
    nenv (0.3.0)
    nokogiri (1.7.1)
      mini_portile2 (~> 2.1.0)
    notiffany (0.1.1)
      nenv (~> 0.1)
      shellany (~> 0.0)
    ox (2.4.11)
    pry (0.10.4)
      coderay (~> 1.1.0)
      method_source (~> 0.8.1)
      slop (~> 3.4)
    rake (10.5.0)
    rb-fsevent (0.9.8)
    rb-inotify (0.9.8)
      ffi (>= 0.5.0)
    rspec (3.5.0)
      rspec-core (~> 3.5.0)
      rspec-expectations (~> 3.5.0)
      rspec-mocks (~> 3.5.0)
    rspec-core (3.5.4)
      rspec-support (~> 3.5.0)
    rspec-expectations (3.5.0)
      diff-lcs (>= 1.2.0, < 2.0)
      rspec-support (~> 3.5.0)
    rspec-mocks (3.5.0)
      diff-lcs (>= 1.2.0, < 2.0)
      rspec-support (~> 3.5.0)
    rspec-support (3.5.0)
    ruby_dep (1.5.0)
    rubyzip (1.2.1)
    shellany (0.0.1)
    slop (3.6.0)
    thor (0.19.4)

PLATFORMS
  ruby

DEPENDENCIES
  bundler (~> 1.11)
  equivalent-xml
  guard
  guard-rspec
  openxml-drawingml!
  openxml-package!
  openxml-pptx!
  rake (~> 10.0)
  rspec

BUNDLED WITH
   1.14.6
